PATH
  remote: .
  specs:
    grid_data (0.0.1)
      rails (~> 3.2.1)

GEM
  remote: http://rubygems.org/
  specs:
    actionmailer (3.2.1)
      actionpack (= 3.2.1)
      mail (~> 2.4.0)
    actionpack (3.2.1)
      activemodel (= 3.2.1)
      activesupport (= 3.2.1)
      builder (~> 3.0.0)
      erubis (~> 2.7.0)
      journey (~> 1.0.1)
      rack (~> 1.4.0)
      rack-cache (~> 1.1)
      rack-test (~> 0.6.1)
      sprockets (~> 2.1.2)
    activemodel (3.2.1)
      activesupport (= 3.2.1)
      builder (~> 3.0.0)
    activerecord (3.2.1)
      activemodel (= 3.2.1)
      activesupport (= 3.2.1)
      arel (~> 3.0.0)
      tzinfo (~> 0.3.29)
    activeresource (3.2.1)
      activemodel (= 3.2.1)
      activesupport (= 3.2.1)
    activesupport (3.2.1)
      i18n (~> 0.6)
      multi_json (~> 1.0)
    alias (0.2.2)
    arel (3.0.0)
    awesome_print (1.0.2)
    boson (0.3.4)
      alias (>= 0.2.2)
      hirb (>= 0.5.0)
    builder (3.0.0)
    clipboard (1.0.1)
    coderay (1.0.5)
    diff-lcs (1.1.3)
    erubis (2.7.0)
    every_day_irb (1.2.0)
    fancy_irb (0.7.2)
      paint (>= 0.8.1)
      unicode-display_width (>= 0.1.1)
    ffi (1.0.11)
    g (1.6.0)
      ruby_gntp
    guard (1.0.0)
      ffi (>= 0.5.0)
      thor (~> 0.14.6)
    guard-bundler (0.1.3)
      bundler (>= 1.0.0)
      guard (>= 0.2.2)
    guard-rspec (0.6.0)
      guard (>= 0.10.0)
    hike (1.2.1)
    hirb (0.6.0)
    i18n (0.6.0)
    interactive_editor (0.0.10)
      spoon (>= 0.0.1)
    irbtools (1.2.0)
      awesome_print (~> 1.0.2)
      boson (>= 0.3.4)
      clipboard (~> 1.0.0)
      coderay (~> 1.0.5)
      every_day_irb (>= 1.2.0)
      fancy_irb (>= 0.7.2)
      g (>= 1.5.0)
      hirb (~> 0.6.0)
      interactive_editor (>= 0.0.10)
      method_locator (>= 0.0.4)
      method_source (>= 0.7.0)
      methodfinder (>= 1.2.5)
      ori (~> 0.1.0)
      paint (>= 0.8.4)
      sketches (>= 0.1.1)
      wirb (>= 0.4.1)
      zucker (>= 11)
    journey (1.0.1)
    jquery-rails (2.0.0)
      railties (>= 3.2.0.beta, < 5.0)
      thor (~> 0.14)
    json (1.6.5)
    libnotify (0.7.2)
    mail (2.4.1)
      i18n (>= 0.4.0)
      mime-types (~> 1.16)
      treetop (~> 1.4.8)
    method_locator (0.0.4)
    method_source (0.7.0)
    methodfinder (1.2.5)
    mime-types (1.17.2)
    multi_json (1.0.4)
    ori (0.1.0)
    paint (0.8.4)
    polyglot (0.3.3)
    rack (1.4.1)
    rack-cache (1.1)
      rack (>= 0.4)
    rack-ssl (1.3.2)
      rack
    rack-test (0.6.1)
      rack (>= 1.0)
    rails (3.2.1)
      actionmailer (= 3.2.1)
      actionpack (= 3.2.1)
      activerecord (= 3.2.1)
      activeresource (= 3.2.1)
      activesupport (= 3.2.1)
      bundler (~> 1.0)
      railties (= 3.2.1)
    railties (3.2.1)
      actionpack (= 3.2.1)
      activesupport (= 3.2.1)
      rack-ssl (~> 1.3.2)
      rake (>= 0.8.7)
      rdoc (~> 3.4)
      thor (~> 0.14.6)
    rake (0.9.2.2)
    rb-inotify (0.8.8)
      ffi (>= 0.5.0)
    rdoc (3.12)
      json (~> 1.4)
    rspec (2.8.0)
      rspec-core (~> 2.8.0)
      rspec-expectations (~> 2.8.0)
      rspec-mocks (~> 2.8.0)
    rspec-core (2.8.0)
    rspec-expectations (2.8.0)
      diff-lcs (~> 1.1.2)
    rspec-mocks (2.8.0)
    ruby_gntp (0.3.4)
    sketches (0.1.1)
    spoon (0.0.1)
    spork (0.9.0)
    sprockets (2.1.2)
      hike (~> 1.2)
      rack (~> 1.0)
      tilt (~> 1.1, != 1.3.0)
    sqlite3 (1.3.5)
    thor (0.14.6)
    tilt (1.3.3)
    treetop (1.4.10)
      polyglot
      polyglot (>= 0.3.1)
    tzinfo (0.3.31)
    unicode-display_width (0.1.1)
    wirb (0.4.1)
    zucker (12.1)

PLATFORMS
  ruby

DEPENDENCIES
  grid_data!
  guard
  guard-bundler
  guard-rspec
  irbtools
  jquery-rails
  libnotify (~> 0.7.1)
  rb-inotify
  rspec
  spork
  sqlite3
